GEM
  remote: http://rubygems.org/
  specs:
    Ascii85 (1.0.1)
    aaronh-chronic (0.3.9)
    actionmailer (2.3.12)
      actionpack (= 2.3.12)
    actionpack (2.3.12)
      activesupport (= 2.3.12)
      rack (~> 1.1.0)
    activerecord (2.3.12)
      activesupport (= 2.3.12)
    activeresource (2.3.12)
      activesupport (= 2.3.12)
    activesupport (2.3.12)
    ar_mailer (1.5.1)
    authlogic (2.1.6)
      activesupport
    builder (3.0.0)
    chronic (0.5.0)
    fastercsv (1.5.4)
    has_many_polymorphs (2.13)
      activerecord
    hoptoad_notifier (2.4.11)
      activesupport
      builder
    icalendar (1.1.6)
    mysql (2.8.1)
    pdf-reader (0.10.0)
      Ascii85 (~> 1.0.0)
    prawn (0.11.1)
      pdf-reader (>= 0.9.0)
      ttfunk (~> 1.0.0)
    rack (1.1.2)
    rails (2.3.12)
      actionmailer (= 2.3.12)
      actionpack (= 2.3.12)
      activerecord (= 2.3.12)
      activeresource (= 2.3.12)
      activesupport (= 2.3.12)
      rake (>= 0.8.3)
    rake (0.9.2)
    rdoc (3.6.1)
    ruby-net-ldap (0.0.4)
    ttfunk (1.0.1)
    vestal_versions (1.0.2)
      activerecord (>= 2.1.0)
    whenever (0.6.8)
      aaronh-chronic (>= 0.3.9)
      activesupport (>= 2.3.4)

PLATFORMS
  ruby

DEPENDENCIES
  ar_mailer
  authlogic
  chronic
  fastercsv
  has_many_polymorphs
  hoptoad_notifier
  icalendar
  mysql
  prawn
  rails (= 2.3.12)
  rdoc (~> 3.6.1)
  ruby-net-ldap
  vestal_versions
  whenever
